GIT
  remote: git://github.com/brandymint/ruby-em-pg-client.git
  revision: 83e49f56ed115f3b4ef29a0dbb899b08ae143e89
  specs:
    em-pg-client (0.3.4)
      eventmachine (>= 1.2.0)
      pg (>= 0.17.0)

GEM
  remote: https://rubygems.org/
  specs:
    addressable (2.6.0)
      public_suffix (>= 2.0.2, < 4.0)
    coderay (1.1.2)
    concurrent-ruby (1.1.5)
    cookiejar (0.3.3)
    dalli (2.7.10)
    em-http-request (1.1.5)
      addressable (>= 2.3.4)
      cookiejar (!= 0.3.1)
      em-socksify (>= 0.3)
      eventmachine (>= 1.0.3)
      http_parser.rb (>= 0.6.0)
    em-socksify (0.3.2)
      eventmachine (>= 1.0.0.beta.4)
    em-synchrony (1.0.6)
      eventmachine (>= 1.0.0.beta.1)
    eventmachine (1.2.7)
    http_parser.rb (0.6.0)
    method_source (0.9.0)
    mini_portile2 (2.4.0)
    msgpack (1.2.9)
    nokogiri (1.10.2)
      mini_portile2 (~> 2.4.0)
    pg (1.1.4)
    pry (0.11.3)
      coderay (~> 1.1.0)
      method_source (~> 0.9.0)
    public_suffix (3.0.3)

PLATFORMS
  ruby

DEPENDENCIES
  concurrent-ruby
  dalli
  em-http-request
  em-pg-client!
  em-synchrony
  msgpack
  nokogiri
  pry

RUBY VERSION
   ruby 2.6.2p47

BUNDLED WITH
   2.0.1
